PATH
  remote: .
  specs:
    json_schema_generator (0.1.0)

GEM
  remote: https://rubygems.org/
  specs:
    coderay (1.1.1)
    diff-lcs (1.3)
    method_source (0.8.2)
    pattern-match (1.0.1)
    pry (0.10.4)
      coderay (~> 1.1.0)
      method_source (~> 0.8.1)
      slop (~> 3.4)
    rack (2.0.3)
    rake (10.5.0)
    rspec (3.6.0)
      rspec-core (~> 3.6.0)
      rspec-expectations (~> 3.6.0)
      rspec-mocks (~> 3.6.0)
    rspec-core (3.6.0)
      rspec-support (~> 3.6.0)
    rspec-expectations (3.6.0)
      diff-lcs (>= 1.2.0, < 2.0)
      rspec-support (~> 3.6.0)
    rspec-mocks (3.6.0)
      diff-lcs (>= 1.2.0, < 2.0)
      rspec-support (~> 3.6.0)
    rspec-support (3.6.0)
    slop (3.6.0)
    stub_server (0.2.1)
      rack

PLATFORMS
  ruby

DEPENDENCIES
  bundler (~> 1.14)
  json_schema_generator!
  pattern-match
  pry
  rake (~> 10.0)
  rspec (~> 3.0)
  stub_server

BUNDLED WITH
   1.14.6
